GEM
  remote: https://rubygems.org/
  specs:
    actionmailer (3.2.8)
      actionpack (= 3.2.8)
      mail (~> 2.4.4)
    actionpack (3.2.8)
      activemodel (= 3.2.8)
      activesupport (= 3.2.8)
      builder (~> 3.0.0)
      erubis (~> 2.7.0)
      journey (~> 1.0.4)
      rack (~> 1.4.0)
      rack-cache (~> 1.2)
      rack-test (~> 0.6.1)
      sprockets (~> 2.1.3)
    activemodel (3.2.8)
      activesupport (= 3.2.8)
      builder (~> 3.0.0)
    activerecord (3.2.8)
      activemodel (= 3.2.8)
      activesupport (= 3.2.8)
      arel (~> 3.0.2)
      tzinfo (~> 0.3.29)
    activerecord-postgresql-adapter (0.0.1)
      pg
    activeresource (3.2.8)
      activemodel (= 3.2.8)
      activesupport (= 3.2.8)
    activesupport (3.2.8)
      i18n (~> 0.6)
      multi_json (~> 1.0)
    acts_as_indexed (0.7.8)
    arel (3.0.2)
    awesome_nested_set (2.1.6)
      activerecord (>= 3.0.0)
    babosa (0.3.9)
    bcrypt-ruby (3.0.1)
    brI18n (3.3.0)
      actionpack (>= 3.0.0)
      activerecord (>= 3.0.0)
      activesupport (>= 3.0.0)
    brazilian-rails (3.3.0)
      brI18n (= 3.3.0)
      brcep (= 3.3.0)
      brcpfcnpj (= 3.3.0)
      brdata (= 3.3.0)
      brdinheiro (= 3.3.0)
      brhelper (= 3.3.0)
      brnumeros (= 3.3.0)
      brstring (= 3.3.0)
    brcep (3.3.0)
    brcpfcnpj (3.3.0)
      actionpack (>= 3.0.0)
      activesupport (>= 3.0.0)
    brdata (3.3.0)
      actionpack (>= 3.0.0)
      activesupport (>= 3.0.0)
    brdinheiro (3.3.0)
      actionpack (>= 3.0.0)
      activerecord (>= 3.0.0)
      brnumeros (= 3.3.0)
    brhelper (3.3.0)
      actionpack (>= 3.0.0)
      activesupport (>= 3.0.0)
    brnumeros (3.3.0)
    brstring (3.3.0)
      activesupport (>= 3.0.0)
    builder (3.0.4)
    capistrano (2.14.1)
      highline
      net-scp (>= 1.0.0)
      net-sftp (>= 2.0.0)
      net-ssh (>= 2.0.14)
      net-ssh-gateway (>= 1.1.0)
    coffee-rails (3.2.2)
      coffee-script (>= 2.2.0)
      railties (~> 3.2.0)
    coffee-script (2.2.0)
      coffee-script-source
      execjs
    coffee-script-source (1.4.0)
    daemons (1.1.9)
    devise (2.0.5)
      bcrypt-ruby (~> 3.0)
      orm_adapter (~> 0.0.3)
      railties (~> 3.1)
      warden (~> 1.1.1)
    dragonfly (0.9.14)
      multi_json (~> 1.0)
      rack
    erubis (2.7.0)
    eventmachine (1.0.0)
    execjs (1.4.0)
      multi_json (~> 1.0)
    faraday (0.8.5)
      multipart-post (~> 1.1)
    friendly_id (4.0.9)
    globalize3 (0.2.0)
      activemodel (>= 3.0.0)
      activerecord (>= 3.0.0)
      paper_trail (~> 2)
    hashie (1.2.0)
    highline (1.6.15)
    hike (1.2.1)
    httpauth (0.2.0)
    i18n (0.6.1)
    journey (1.0.4)
    jquery-rails (2.0.3)
      railties (>= 3.1.0, < 5.0)
      thor (~> 0.14)
    jquery_datepicker (0.4)
    json (1.7.6)
    jwt (0.1.5)
      multi_json (>= 1.0)
    kgio (2.8.0)
    kramdown (0.14.2)
    mail (2.4.4)
      i18n (>= 0.4.0)
      mime-types (~> 1.16)
      treetop (~> 1.4.8)
    markdown (1.0.0)
      kramdown (>= 0.13.7)
      props (>= 1.0.0)
      textutils (>= 0.2.0)
    mime-types (1.20.1)
    multi_json (1.5.0)
    multipart-post (1.1.5)
    net-scp (1.1.0)
      net-ssh (>= 2.6.5)
    net-sftp (2.1.1)
      net-ssh (>= 2.6.5)
    net-ssh (2.6.5)
    net-ssh-gateway (1.2.0)
      net-ssh (>= 2.6.5)
    oauth2 (0.8.0)
      faraday (~> 0.8)
      httpauth (~> 0.1)
      jwt (~> 0.1.4)
      multi_json (~> 1.0)
      rack (~> 1.2)
    omniauth (1.1.1)
      hashie (~> 1.2)
      rack
    omniauth-google-oauth2 (0.1.13)
      omniauth (~> 1.0)
      omniauth-oauth2
    omniauth-oauth2 (1.1.1)
      oauth2 (~> 0.8.0)
      omniauth (~> 1.0)
    orm_adapter (0.0.7)
    paper_trail (2.7.1)
      activerecord (~> 3.0)
      railties (~> 3.0)
    pg (0.14.1)
    polyglot (0.3.3)
    props (1.0.0)
    rack (1.4.4)
    rack-cache (1.2)
      rack (>= 0.4)
    rack-rewrite (1.2.1)
    rack-ssl (1.3.3)
      rack
    rack-test (0.6.2)
      rack (>= 1.0)
    rails (3.2.8)
      actionmailer (= 3.2.8)
      actionpack (= 3.2.8)
      activerecord (= 3.2.8)
      activeresource (= 3.2.8)
      activesupport (= 3.2.8)
      bundler (~> 1.0)
      railties (= 3.2.8)
    railties (3.2.8)
      actionpack (= 3.2.8)
      activesupport (= 3.2.8)
      rack-ssl (~> 1.3.2)
      rake (>= 0.8.7)
      rdoc (~> 3.4)
      thor (>= 0.14.6, < 2.0)
    raindrops (0.10.0)
    rake (10.0.3)
    rdiscount (2.0.7)
    rdoc (3.12.1)
      json (~> 1.4)
    refinerycms (2.0.9)
      bundler (~> 1.0)
      refinerycms-authentication (= 2.0.9)
      refinerycms-core (= 2.0.9)
      refinerycms-dashboard (= 2.0.9)
      refinerycms-images (= 2.0.9)
      refinerycms-pages (= 2.0.9)
      refinerycms-resources (= 2.0.9)
    refinerycms-authentication (2.0.9)
      devise (~> 2.0.0)
      orm_adapter (~> 0.0.7)
      refinerycms-core (= 2.0.9)
    refinerycms-core (2.0.9)
      acts_as_indexed (~> 0.7.7)
      awesome_nested_set (~> 2.1.3)
      coffee-rails (~> 3.2.1)
      friendly_id (~> 4.0.1)
      globalize3 (~> 0.2.0)
      jquery-rails (~> 2.0.0)
      rails (>= 3.1.3, < 3.3)
      sass-rails (~> 3.2.3)
      truncate_html (~> 0.5)
      uglifier (>= 1.0.3)
      will_paginate (~> 3.0.2)
    refinerycms-dashboard (2.0.9)
      refinerycms-core (= 2.0.9)
    refinerycms-images (2.0.9)
      dragonfly (~> 0.9.8)
      rack-cache (>= 0.5.3)
      refinerycms-core (= 2.0.9)
    refinerycms-pages (2.0.9)
      awesome_nested_set (~> 2.1.3)
      babosa (!= 0.3.6)
      refinerycms-core (= 2.0.9)
      seo_meta (~> 1.3.0)
    refinerycms-resources (2.0.9)
      dragonfly (~> 0.9.8)
      rack-cache (>= 0.5.3)
      refinerycms-core (= 2.0.9)
    rvm-capistrano (1.2.7)
      capistrano (>= 2.0.0)
    sass (3.2.5)
    sass-rails (3.2.6)
      railties (~> 3.2.0)
      sass (>= 3.1.10)
      tilt (~> 1.3)
    seo_meta (1.3.0)
      railties (>= 3.0.0)
    sprockets (2.1.3)
      hike (~> 1.2)
      rack (~> 1.0)
      tilt (~> 1.1, != 1.3.0)
    textutils (0.2.0)
    therubyrhino (2.0.2)
      therubyrhino_jar (>= 1.7.3)
    therubyrhino_jar (1.7.4)
    thin (1.5.0)
      daemons (>= 1.0.9)
      eventmachine (>= 0.12.6)
      rack (>= 1.0.0)
    thor (0.17.0)
    tilt (1.3.3)
    treetop (1.4.12)
      polyglot
      polyglot (>= 0.3.1)
    truncate_html (0.9.2)
    twitter-bootstrap-rails (2.2.0)
      actionpack (>= 3.1)
      execjs
      railties (>= 3.1)
    tzinfo (0.3.35)
    uglifier (1.3.0)
      execjs (>= 0.3.0)
      multi_json (~> 1.0, >= 1.0.2)
    unicorn (4.6.2)
      kgio (~> 2.6)
      rack
      raindrops (~> 0.7)
    unicorn-rails (1.0.0)
      rack
      unicorn
    warden (1.1.1)
      rack (>= 1.0)
    will_paginate (3.0.4)

PLATFORMS
  ruby

DEPENDENCIES
  activerecord-postgresql-adapter
  brazilian-rails
  brdinheiro
  capistrano
  coffee-rails (~> 3.2.1)
  jquery-rails (~> 2.0.0)
  jquery_datepicker
  markdown
  omniauth
  omniauth-google-oauth2
  rack-rewrite (~> 1.2.1)
  rails (= 3.2.8)
  rdiscount
  refinerycms (~> 2.0.0)
  rvm-capistrano
  sass-rails (~> 3.2.3)
  therubyrhino
  thin
  twitter-bootstrap-rails
  uglifier (>= 1.0.3)
  unicorn
  unicorn-rails
